GIT
  remote: git://github.com/sinatra/sinatra.git
  revision: 38f71248f839b95f6d17747a2c177bdd83f95f78
  specs:
    sinatra (1.4.0)
      rack (~> 1.3, >= 1.3.6)
      rack-protection (~> 1.2)
      tilt (~> 1.3, >= 1.3.3)

GIT
  remote: git://github.com/tarolandia/vinyl.git
  revision: 3d16819d6f108c96ec8669deb55668c8336976df
  specs:
    vinyl (0.0.3)

GIT
  remote: https://github.com/sinatra/sinatra-contrib.git
  revision: cc6e21295e449a43d99126b7907d132424e4211b
  specs:
    sinatra-contrib (1.4.0)
      backports (>= 2.0)
      eventmachine
      rack-protection
      rack-test
      sinatra (~> 1.4.0)
      tilt (~> 1.3)

GEM
  specs:
    backports (2.6.5)
    daemons (1.1.9)
    eventmachine (1.0.0)
    rack (1.4.1)
    rack-protection (1.2.0)
      rack
    rack-test (0.6.2)
      rack (>= 1.0)
    thin (1.5.0)
      daemons (>= 1.0.9)
      eventmachine (>= 0.12.6)
      rack (>= 1.0.0)
    tilt (1.3.3)

PLATFORMS
  ruby

DEPENDENCIES
  sinatra!
  sinatra-contrib!
  thin
  vinyl!
